GEM
  remote: http://rubygems.org/
  specs:
    rb-fsevent (0.9.2)
    sass (3.2.1)

PLATFORMS
  ruby

DEPENDENCIES
  rb-fsevent
  sass
